GIT
  remote: https://github.com/travis-ci/gh
  revision: 700e5b879cb644996fbf9a319d0da2a059b556ae
  branch: prd-ruby-upgrade-dev
  specs:
    gh (0.21.0)
      activesupport (~> 7.0.8)
      addressable (~> 2.8)
      faraday (~> 2)
      faraday-retry
      faraday-typhoeus
      multi_json (~> 1)
      net-http-persistent (~> 4)
      net-http-pipeline

PATH
  remote: .
  specs:
    travis (1.12.0)
      faraday (~> 2.7.10)
      faraday-rack (~> 2)
      highline (~> 2.1.0)
      json_pure (~> 2.6.3)
      launchy (~> 2.5.2)
      pusher-client (~> 0.6.2)

GEM
  remote: https://rubygems.org/
  specs:
    activesupport (7.0.8.1)
      concurrent-ruby (~> 1.0, >= 1.0.2)
      i18n (>= 1.6, < 2)
      minitest (>= 5.1)
      tzinfo (~> 2.0)
    addressable (2.8.6)
      public_suffix (>= 2.0.2, < 6.0)
    ansi (1.5.0)
    ast (2.4.2)
    base64 (0.2.0)
    concurrent-ruby (1.2.3)
    connection_pool (2.4.1)
    diff-lcs (1.5.1)
    docile (1.4.0)
    ethon (0.16.0)
      ffi (>= 1.15.0)
    faraday (2.7.12)
      base64
      faraday-net_http (>= 2.0, < 3.1)
      ruby2_keywords (>= 0.0.4)
    faraday-net_http (3.0.2)
    faraday-rack (2.0.0)
      faraday (~> 2.0)
    faraday-retry (2.2.0)
      faraday (~> 2.0)
    faraday-typhoeus (1.1.0)
      faraday (~> 2.0)
      typhoeus (~> 1.4)
    ffi (1.16.3)
    highline (2.1.0)
    i18n (1.14.1)
      concurrent-ruby (~> 1.0)
    json (2.7.1)
    json_pure (2.6.3)
    language_server-protocol (3.17.0.3)
    launchy (2.5.2)
      addressable (~> 2.8)
    minitest (5.22.2)
    multi_json (1.15.0)
    mustermann (3.0.0)
      ruby2_keywords (~> 0.0.1)
    net-http-persistent (4.0.2)
      connection_pool (~> 2.2)
    net-http-pipeline (1.0.1)
    parallel (1.24.0)
    parser (3.3.0.5)
      ast (~> 2.4.1)
      racc
    public_suffix (5.0.4)
    pusher-client (0.6.2)
      json
      websocket (~> 1.0)
    racc (1.7.3)
    rack (2.2.8.1)
    rack-protection (3.0.6)
      rack
    rack-test (2.1.0)
      rack (>= 1.3)
    rainbow (3.1.1)
    rake (13.1.0)
    regexp_parser (2.9.0)
    rexml (3.2.6)
    rspec (3.13.0)
      rspec-core (~> 3.13.0)
      rspec-expectations (~> 3.13.0)
      rspec-mocks (~> 3.13.0)
    rspec-core (3.13.0)
      rspec-support (~> 3.13.0)
    rspec-expectations (3.13.0)
      diff-lcs (>= 1.2.0, < 2.0)
      rspec-support (~> 3.13.0)
    rspec-its (1.3.0)
      rspec-core (>= 3.0.0)
      rspec-expectations (>= 3.0.0)
    rspec-mocks (3.13.0)
      diff-lcs (>= 1.2.0, < 2.0)
      rspec-support (~> 3.13.0)
    rspec-support (3.13.1)
    rubocop (1.61.0)
      json (~> 2.3)
      language_server-protocol (>= 3.17.0)
      parallel (~> 1.10)
      parser (>= 3.3.0.2)
      rainbow (>= 2.2.2, < 4.0)
      regexp_parser (>= 1.8, < 3.0)
      rexml (>= 3.2.5, < 4.0)
      rubocop-ast (>= 1.30.0, < 2.0)
      ruby-progressbar (~> 1.7)
      unicode-display_width (>= 2.4.0, < 3.0)
    rubocop-ast (1.31.1)
      parser (>= 3.3.0.4)
    rubocop-capybara (2.20.0)
      rubocop (~> 1.41)
    rubocop-factory_bot (2.25.1)
      rubocop (~> 1.41)
    rubocop-performance (1.20.2)
      rubocop (>= 1.48.1, < 2.0)
      rubocop-ast (>= 1.30.0, < 2.0)
    rubocop-rspec (2.27.0)
      rubocop (~> 1.40)
      rubocop-capybara (~> 2.17)
      rubocop-factory_bot (~> 2.22)
    ruby-progressbar (1.13.0)
    ruby2_keywords (0.0.5)
    simplecov (0.22.0)
      docile (~> 1.1)
      simplecov-html (~> 0.11)
      simplecov_json_formatter (~> 0.1)
    simplecov-console (0.9.1)
      ansi
      simplecov
      terminal-table
    simplecov-html (0.12.3)
    simplecov_json_formatter (0.1.4)
    sinatra (3.0.6)
      mustermann (~> 3.0)
      rack (~> 2.2, >= 2.2.4)
      rack-protection (= 3.0.6)
      tilt (~> 2.0)
    terminal-table (3.0.2)
      unicode-display_width (>= 1.1.1, < 3)
    tilt (2.3.0)
    typhoeus (1.4.1)
      ethon (>= 0.9.0)
    tzinfo (2.0.6)
      concurrent-ruby (~> 1.0)
    unicode-display_width (2.5.0)
    websocket (1.2.10)

PLATFORMS
  arm64-darwin-22
  ruby

DEPENDENCIES
  activesupport (~> 7.0.6)
  gh!
  rack-test (~> 2.1.0)
  rake
  rspec (~> 3.12)
  rspec-its (~> 1.3.0)
  rubocop
  rubocop-performance
  rubocop-rspec
  simplecov-console
  sinatra (~> 3.0.6)
  travis!

BUNDLED WITH
   2.5.4
